ObjectType = Image
NDims = 3
BinaryData = True
BinaryDataByteOrderMSB = False
CompressedData = True
TransformMatrix = 1 0 0 0 1 0 0 0 1
Offset = -163.672 -317.672 -237.9
CenterOfRotation = 0 0 0
AnatomicalOrientation = RAI
ElementSpacing = 0.65625 0.65625 0.8
DimSize = 512 512 381
ElementType = MET_OTHER
ElementDataFile = 1.2.276.0.28.3.0.14.4.0.20090213134050413.zraw
